GEM
  remote: https://rubygems.org/
  specs:
    chunky_png (1.4.0)
    cloud_events (0.1.0)
    functions_framework (0.5.0)
      cloud_events (~> 0.1)
      puma (~> 4.3)
      rack (~> 2.1)
    mini_magick (4.9.5)
    nio4r (2.5.2)
    puma (4.3.5)
      nio4r (~> 2.0)
    rack (2.2.3)

PLATFORMS
  x64-mingw32

DEPENDENCIES
  chunky_png (~> 1.4)
  functions_framework (~> 0.5)
  mini_magick (~> 4.9.0)

BUNDLED WITH
   2.1.4
